GEM
  remote: https://rubygems.org/
  specs:
    addressable (2.3.5)
    httparty (0.11.0)
      multi_json (~> 1.0)
      multi_xml (>= 0.5.2)
    influxdb (0.0.7)
      addressable
      json
    json (1.8.1)
    mini_portile (0.5.1)
    multi_json (1.7.7)
    multi_xml (0.5.4)
    nokogiri (1.6.0)
      mini_portile (~> 0.5.0)

PLATFORMS
  ruby

DEPENDENCIES
  httparty
  influxdb
  nokogiri
